GEM
  remote: https://rubygems.org/
  specs:
    chunky_png (1.3.10)
    oily_png (1.2.1)
      chunky_png (~> 1.3.7)

PLATFORMS
  java
  ruby

DEPENDENCIES
  oily_png

BUNDLED WITH
   1.16.1
