GEM
  remote: https://rubygems.org/
  specs:
    byebug (10.0.1)
    chunky_png (1.3.10)
    coderay (1.1.2)
    method_source (0.9.0)
    minitest (5.11.3)
    pry (0.11.3)
      coderay (~> 1.1.0)
      method_source (~> 0.9.0)
    pry-byebug (3.6.0)
      byebug (~> 10.0)
      pry (~> 0.10)

PLATFORMS
  ruby

DEPENDENCIES
  chunky_png
  minitest
  pry
  pry-byebug

BUNDLED WITH
   1.16.1
