PATH
  remote: .
  specs:
    seamless_cloning (0.1.0)
      oily_png

GEM
  remote: https://rubygems.org/
  specs:
    awesome_print (1.7.0)
    byebug (9.0.6)
    chunky_png (1.3.10)
    coderay (1.1.2)
    method_source (0.8.2)
    minitest (5.11.3)
    oily_png (1.2.1)
      chunky_png (~> 1.3.7)
    pry (0.10.4)
      coderay (~> 1.1.0)
      method_source (~> 0.8.1)
      slop (~> 3.4)
    pry-byebug (3.4.3)
      byebug (>= 9.0, < 9.1)
      pry (~> 0.10)
    pry-doc (0.12.0)
      pry (~> 0.9)
      yard (~> 0.9)
    rake (10.5.0)
    slop (3.6.0)
    yard (0.9.12)

PLATFORMS
  ruby

DEPENDENCIES
  awesome_print (~> 1.7.0)
  bundler (~> 1.16)
  minitest (~> 5.0)
  pry (~> 0.10.4)
  pry-byebug (~> 3.4.2)
  pry-doc
  rake (~> 10.0)
  seamless_cloning!

BUNDLED WITH
   1.16.1
